GEM
  remote: https://rubygems.org/
  specs:
    fastimage (2.2.1)
    mini_portile2 (2.5.0)
    nokogiri (1.11.1)
      mini_portile2 (~> 2.5.0)
      racc (~> 1.4)
    racc (1.5.2)
    rrtf (1.3.1)
      fastimage
      nokogiri
      tidy
    tidy (1.1.2)

PLATFORMS
  ruby

DEPENDENCIES
  rrtf

BUNDLED WITH
   2.1.4
